GEM
  remote: https://rubygems.org/
  specs:
    mina (0.3.4)
      open4 (~> 1.3.4)
      rake
    open4 (1.3.4)
    rake (10.4.2)
    shack (0.0.2)

PLATFORMS
  ruby

DEPENDENCIES
  mina (~> 0.3.4)
  shack (~> 0.0.2)
