GEM
  remote: https://rubygems.org/
  specs:
    foreman (0.78.0)
      thor (~> 0.19.1)
    kgio (2.9.3)
    mina (0.3.4)
      open4 (~> 1.3.4)
      rake
    minitest (5.5.1)
    open4 (1.3.4)
    rack (1.6.1)
    rack-cache (1.2)
      rack (>= 0.4)
    rack-test (0.6.3)
      rack (>= 1.0)
    raindrops (0.13.0)
    rake (10.4.2)
    shack (0.0.2)
    thor (0.19.1)
    unicorn (4.9.0)
      kgio (~> 2.6)
      rack
      raindrops (~> 0.7)

PLATFORMS
  ruby

DEPENDENCIES
  foreman (~> 0.78.0)
  mina (~> 0.3.4)
  minitest (~> 5.5.0)
  rack-cache (~> 1.2)
  rack-test (~> 0.6.2)
  shack (~> 0.0.2)
  unicorn (~> 4.9.0)
